GEM
  remote: https://rubygems.org/
  specs:
    httparty (0.13.1)
      json (~> 1.8)
      multi_xml (>= 0.5.2)
    io-console (0.4.2)
    json (1.8.1)
    multi_xml (0.5.5)
    psych (2.0.3)

PLATFORMS
  ruby

DEPENDENCIES
  httparty
  io-console
  psych
